GIT
  remote: git://github.com/rx/chart_presenter_plugin.git
  revision: e2afb1cf0292ea92371cfc83be16b2ad95dee26d
  specs:
    chart_presenter_plugin (0.1.0)

GIT
  remote: git://github.com/rx/foo_presenter_plugin.git
  revision: 313dddfef05f740990c509b89831b69730b4ce12
  specs:
    foo_presenter_plugin (0.0.1)

GIT
  remote: git://github.com/rx/image_crop_presenter_plugin.git
  revision: c0814ffa5a0f40fd15d697e72a5bd4c9e4117d1e
  specs:
    image_crop_presenter_plugin (0.1.0)

PATH
  remote: .
  specs:
    voom-presenters (0.5.0)
      dry-configurable (> 0.1, <= 7.0)
      dry-container (~> 0.6)
      dry-inflector (~> 0.1)
      filewatcher (~> 1.1.1)
      ice_nine (~> 0.11)
      nokogiri (>= 1.7.2)
      redcarpet (~> 3.4)
      sinatra (>= 1.4, < 3.0)
      tzinfo (>= 1.1, < 2.0)
      tzinfo-data (~> 1.2018)
      zeitwerk (~> 2.1)

GEM
  remote: https://rubygems.org/
  specs:
    byebug (11.0.1)
    childprocess (3.0.0)
    coderay (1.1.2)
    concurrent-ruby (1.1.5)
    diff-lcs (1.3)
    docile (1.3.2)
    dry-configurable (0.9.0)
      concurrent-ruby (~> 1.0)
      dry-core (~> 0.4, >= 0.4.7)
    dry-container (0.7.2)
      concurrent-ruby (~> 1.0)
      dry-configurable (~> 0.1, >= 0.1.3)
    dry-core (0.4.9)
      concurrent-ruby (~> 1.0)
    dry-inflector (0.2.0)
    filewatcher (1.1.1)
      optimist (~> 3.0)
    gem-release (2.1.1)
    ice_nine (0.11.2)
    json (2.2.0)
    method_source (0.9.2)
    mini_portile2 (2.4.0)
    mustermann (1.0.3)
    nokogiri (1.10.5)
      mini_portile2 (~> 2.4.0)
    optimist (3.0.0)
    pry (0.12.2)
      coderay (~> 1.1.0)
      method_source (~> 0.9.0)
    pry-byebug (3.7.0)
      byebug (~> 11.0)
      pry (~> 0.10)
    rack (2.0.7)
    rack-cors (1.0.3)
    rack-protection (2.0.7)
      rack
    rack-test (0.8.3)
      rack (>= 1.0, < 3)
    rake (11.3.0)
    redcarpet (3.5.0)
    regexp_parser (1.6.0)
    rspec (3.9.0)
      rspec-core (~> 3.9.0)
      rspec-expectations (~> 3.9.0)
      rspec-mocks (~> 3.9.0)
    rspec-core (3.9.0)
      rspec-support (~> 3.9.0)
    rspec-expectations (3.9.0)
      diff-lcs (>= 1.2.0, < 2.0)
      rspec-support (~> 3.9.0)
    rspec-html-matchers (0.9.1)
      nokogiri (~> 1)
      rspec (>= 3.0.0.a, < 4)
    rspec-mocks (3.9.0)
      diff-lcs (>= 1.2.0, < 2.0)
      rspec-support (~> 3.9.0)
    rspec-support (3.9.0)
    rspec_junit_formatter (0.4.1)
      rspec-core (>= 2, < 4, != 2.12.0)
    rubyzip (2.0.0)
    selenium-webdriver (3.142.6)
      childprocess (>= 0.5, < 4.0)
      rubyzip (>= 1.2.2)
    shotgun (0.9.2)
      rack (>= 1.0)
    simplecov (0.17.1)
      docile (~> 1.1)
      json (>= 1.8, < 3)
      simplecov-html (~> 0.10.0)
    simplecov-html (0.10.2)
    sinatra (2.0.7)
      mustermann (~> 1.0)
      rack (~> 2.0)
      rack-protection (= 2.0.7)
      tilt (~> 2.0)
    thread_safe (0.3.6)
    tilt (2.0.10)
    tzinfo (1.2.5)
      thread_safe (~> 0.1)
    tzinfo-data (1.2019.3)
      tzinfo (>= 1.0.0)
    watir (6.16.5)
      regexp_parser (~> 1.2)
      selenium-webdriver (~> 3.6)
    watir-rspec (3.0.0)
      rspec (~> 3.0)
      watir (>= 6.0.0.beta4)
    webdrivers (4.1.3)
      nokogiri (~> 1.6)
      rubyzip (>= 1.3.0)
      selenium-webdriver (>= 3.0, < 4.0)
    zeitwerk (2.2.1)

PLATFORMS
  ruby

DEPENDENCIES
  bundler (~> 1.13)
  byebug
  chart_presenter_plugin!
  foo_presenter_plugin!
  gem-release (~> 2.0)
  image_crop_presenter_plugin!
  pry
  pry-byebug
  rack (>= 2.0.6)
  rack-cors
  rack-test (~> 0.8)
  rake (~> 11.3)
  rspec
  rspec-html-matchers
  rspec_junit_formatter
  shotgun (~> 0.9)
  simplecov
  voom-presenters!
  watir (~> 6.16)
  watir-rspec (~> 3.0)
  webdrivers (~> 4.1)

RUBY VERSION
   ruby 2.5.5p157

BUNDLED WITH
   1.17.3
