GIT
  remote: https://github.com/coprl/animate_presenter_plugin.git
  revision: e6b91b00215909d45b1e7624d0a0f2ca957a41ad
  specs:
    animate_presenter_plugin (0.0.1)

GIT
  remote: https://github.com/coprl/cacheable_presenter_plugin.git
  revision: 1d2dce05912f8a8c6c012ef4cb9b0f94e82146de
  specs:
    cacheable_presenter_plugin (0.0.3)

GIT
  remote: https://github.com/coprl/chart_presenter_plugin.git
  revision: 9082e3a6ec43913c9d4da0b1213dc110e3a18a7e
  specs:
    chart_presenter_plugin (0.1.0)

GIT
  remote: https://github.com/coprl/clipboard_presenter_plugin.git
  revision: dd066e05304f0ccdde3740647c408fc88d5be0d4
  specs:
    clipboard_presenter_plugin (0.1.0)

GIT
  remote: https://github.com/coprl/color_picker_presenter_plugin.git
  revision: 10bdc8b555b2c168ee1d93316c7b10e961a7f5b5
  specs:
    color_picker_presenter_plugin (0.0.1)

GIT
  remote: https://github.com/coprl/foo_presenter_plugin.git
  revision: 6494235b3cc7d807ba091e8fa920303c1decacb6
  specs:
    foo_presenter_plugin (0.0.2)

GIT
  remote: https://github.com/coprl/google_maps_presenter_plugin.git
  revision: ad627bc8478f55abfe6be18dc0af18df37c9439b
  branch: main
  specs:
    google_maps_presenter_plugin (1.0.2)
      dry-configurable (> 0.1, <= 7.0)

GIT
  remote: https://github.com/coprl/iframe_presenter_plugin.git
  revision: d0bc691adba4807499af30ee375e9b6dd1426732
  specs:
    iframe_presenter_plugin (0.0.1)

GIT
  remote: https://github.com/coprl/image_crop_presenter_plugin.git
  revision: 586ef47bd6132f94810cfb04d02fcf7c9df1ae10
  specs:
    image_crop_presenter_plugin (0.1.0)

GIT
  remote: https://github.com/coprl/markup_presenter_plugin.git
  revision: a02e7ec5878d73f1263d3d8e7c82ea10e67df02b
  specs:
    markup_presenter_plugin (0.0.2)

GIT
  remote: https://github.com/coprl/script_presenter_plugin.git
  revision: 8efe3fedbb04d30401639052d8bbb6d4fc4b23ba
  specs:
    script_presenter_plugin (0.0.2)

GIT
  remote: https://github.com/coprl/scroll_to_presenter_plugin.git
  revision: 29af7a94135a6da94161b8a209f68ce0f152e53d
  specs:
    scroll_to_presenter_plugin (0.0.2)

GIT
  remote: https://github.com/coprl/timer_presenter_plugin.git
  revision: d9bc581c8705924ccde2c2330609adf15a65f181
  specs:
    timer_presenter_plugin (0.0.1)

PATH
  remote: .
  specs:
    coprl (3.1.1)
      dry-configurable (> 0.1, <= 0.13)
      dry-container (<= 0.8)
      dry-inflector (<= 0.1)
      ice_nine (~> 0.11)
      redcarpet (~> 3.6)
      sinatra (>= 1.4, < 4.0)
      tzinfo (>= 1.1, < 3.0)
      tzinfo-data (~> 1.2018)
      zeitwerk (~> 2.6)

GEM
  remote: https://rubygems.org/
  specs:
    byebug (11.1.3)
    coderay (1.1.3)
    concurrent-ruby (1.2.2)
    diff-lcs (1.5.0)
    docile (1.4.0)
    dotenv (2.8.1)
    dry-configurable (0.13.0)
      concurrent-ruby (~> 1.0)
      dry-core (~> 0.6)
    dry-container (0.8.0)
      concurrent-ruby (~> 1.0)
      dry-configurable (~> 0.1, >= 0.1.3)
    dry-core (0.9.1)
      concurrent-ruby (~> 1.0)
      zeitwerk (~> 2.6)
    dry-inflector (0.1.0)
    ice_nine (0.11.2)
    method_source (1.0.0)
    mini_portile2 (2.8.5)
    mustermann (3.0.0)
      ruby2_keywords (~> 0.0.1)
    nio4r (2.7.0)
    nokogiri (1.15.5)
      mini_portile2 (~> 2.8.2)
      racc (~> 1.4)
    nokogiri (1.15.5-x86_64-darwin)
      racc (~> 1.4)
    pry (0.14.2)
      coderay (~> 1.1)
      method_source (~> 1.0)
    pry-byebug (3.10.1)
      byebug (~> 11.0)
      pry (>= 0.13, < 0.15)
    puma (6.4.2)
      nio4r (~> 2.0)
    racc (1.7.3)
    rack (2.2.8)
    rack-cors (2.0.1)
      rack (>= 2.0.0)
    rack-protection (3.1.0)
      rack (~> 2.2, >= 2.2.4)
    rack-test (0.8.3)
      rack (>= 1.0, < 3)
    rake (13.1.0)
    redcarpet (3.6.0)
    regexp_parser (2.8.3)
    rexml (3.2.6)
    rspec (3.12.0)
      rspec-core (~> 3.12.0)
      rspec-expectations (~> 3.12.0)
      rspec-mocks (~> 3.12.0)
    rspec-core (3.12.2)
      rspec-support (~> 3.12.0)
    rspec-expectations (3.12.3)
      diff-lcs (>= 1.2.0, < 2.0)
      rspec-support (~> 3.12.0)
    rspec-html-matchers (0.10.0)
      nokogiri (~> 1)
      rspec (>= 3.0.0.a)
    rspec-mocks (3.12.6)
      diff-lcs (>= 1.2.0, < 2.0)
      rspec-support (~> 3.12.0)
    rspec-support (3.12.1)
    rspec_junit_formatter (0.6.0)
      rspec-core (>= 2, < 4, != 2.12.0)
    ruby2_keywords (0.0.5)
    rubyzip (2.3.2)
    selenium-webdriver (4.9.0)
      rexml (~> 3.2, >= 3.2.5)
      rubyzip (>= 1.2.2, < 3.0)
      websocket (~> 1.0)
    shotgun (0.9.2)
      rack (>= 1.0)
    simplecov (0.22.0)
      docile (~> 1.1)
      simplecov-html (~> 0.11)
      simplecov_json_formatter (~> 0.1)
    simplecov-html (0.12.3)
    simplecov_json_formatter (0.1.4)
    sinatra (3.1.0)
      mustermann (~> 3.0)
      rack (~> 2.2, >= 2.2.4)
      rack-protection (= 3.1.0)
      tilt (~> 2.0)
    thor (1.1.0)
    tilt (2.3.0)
    timecop (0.9.8)
    tzinfo (2.0.6)
      concurrent-ruby (~> 1.0)
    tzinfo-data (1.2023.3)
      tzinfo (>= 1.0.0)
    watir (7.2.2)
      regexp_parser (>= 1.2, < 3)
      selenium-webdriver (~> 4.2)
    watir-rspec (5.0.0)
      rspec (~> 3.0)
      watir (>= 7.2.2)
    webdrivers (5.3.0)
      nokogiri (~> 1.6)
      rubyzip (>= 1.3.0)
      selenium-webdriver (~> 4.0, < 4.11)
    websocket (1.2.10)
    zeitwerk (2.6.7)

PLATFORMS
  ruby
  x86_64-darwin-19

DEPENDENCIES
  animate_presenter_plugin!
  bundler (>= 1.13)
  cacheable_presenter_plugin!
  chart_presenter_plugin!
  clipboard_presenter_plugin!
  color_picker_presenter_plugin!
  coprl!
  dotenv
  foo_presenter_plugin!
  google_maps_presenter_plugin!
  iframe_presenter_plugin!
  image_crop_presenter_plugin!
  markup_presenter_plugin!
  pry
  pry-byebug
  puma
  rack (>= 2.0.6)
  rack-cors
  rack-test (~> 0.8)
  rake (~> 13.0)
  rspec
  rspec-html-matchers
  rspec_junit_formatter
  script_presenter_plugin!
  scroll_to_presenter_plugin!
  shotgun (~> 0.9)
  simplecov
  thor (~> 1.1.0)
  timecop (~> 0.9.4)
  timer_presenter_plugin!
  watir (~> 7)
  watir-rspec (~> 5)
  webdrivers (= 5.3.0)

RUBY VERSION
   ruby 2.7.8p225

BUNDLED WITH
   2.4.22
